PATH
  remote: .
  specs:
    apia-schema-parser (0.0.0.dev)
      apia (>= 3.0, < 4.0)
      json

GEM
  remote: https://rubygems.org/
  specs:
    apia (3.0.0)
      json
      rack
    json (2.5.1)
    rack (3.0.7)

PLATFORMS
  x86_64-linux

DEPENDENCIES
  apia-schema-parser!

BUNDLED WITH
   2.2.24
